GEM
  remote: https://rubygems.org/
  specs:
    colored (1.2)
    cri (2.7.0)
      colored (~> 1.2)
    kramdown (1.2.0)
    mini_portile (0.5.1)
    mustache (0.99.4)
    nanoc (4.1.3)
      cri (~> 2.3)
    nokogiri (1.6.0)
      mini_portile (~> 0.5.0)
    posix-spawn (0.3.6)
    pygments.rb (0.5.2)
      posix-spawn (~> 0.3.6)
      yajl-ruby (~> 1.1.0)
    sass (3.2.11)
    yajl-ruby (1.1.0)

PLATFORMS
  ruby

DEPENDENCIES
  kramdown
  mustache
  nanoc (~> 4.0)
  nokogiri
  pygments.rb
  sass
